PATH
  remote: hexapdf-0.33.0
  specs:
    hexapdf (0.33.0)
      cmdparse (~> 3.0, >= 3.0.3)
      geom2d (~> 0.4, >= 0.4.1)
      openssl (>= 2.2.1)

GEM
  remote: https://rubygems.org/
  specs:
    cmdparse (3.0.7)
    geom2d (0.4.1)
    openssl (3.1.0)

PLATFORMS
  x86_64-linux

DEPENDENCIES
  hexapdf!

BUNDLED WITH
   2.4.10
